GIT
  remote: git://github.com/bmabey/database_cleaner.git
  revision: f1e71657936ad177e19032b9b5efbda28543d0d0
  specs:
    database_cleaner (1.6.1)

GEM
  remote: https://rubygems.org/
  specs:
    actionmailer (4.0.8)
      actionpack (= 4.0.8)
      mail (~> 2.5.4)
    actionpack (4.0.8)
      activesupport (= 4.0.8)
      builder (~> 3.1.0)
      erubis (~> 2.7.0)
      rack (~> 1.5.2)
      rack-test (~> 0.6.2)
    activemodel (4.0.8)
      activesupport (= 4.0.8)
      builder (~> 3.1.0)
    activerecord (4.0.8)
      activemodel (= 4.0.8)
      activerecord-deprecated_finders (~> 1.0.2)
      activesupport (= 4.0.8)
      arel (~> 4.0.0)
    activerecord-deprecated_finders (1.0.4)
    activerecord-session_store (1.1.0)
      actionpack (>= 4.0, < 5.2)
      activerecord (>= 4.0, < 5.2)
      multi_json (~> 1.11, >= 1.11.2)
      rack (>= 1.5.2, < 3)
      railties (>= 4.0, < 5.2)
    activesupport (4.0.8)
      i18n (~> 0.6, >= 0.6.9)
      minitest (~> 4.2)
      multi_json (~> 1.3)
      thread_safe (~> 0.1)
      tzinfo (~> 0.3.37)
    arel (4.0.2)
    autoprefixer-rails (7.1.5)
      execjs
    backports (3.10.3)
    bcrypt-ruby (3.1.2)
    bcrypt-ruby (3.1.2-x86-mingw32)
    bootstrap-sass (3.3.5)
      autoprefixer-rails (>= 5.0.0.1)
      sass (>= 3.2.19)
    bootstrap-will_paginate (1.0.0)
      will_paginate
    builder (3.1.4)
    byebug (9.1.0)
    capybara (2.1.0)
      mime-types (>= 1.16)
      nokogiri (>= 1.3.3)
      rack (>= 1.0.0)
      rack-test (>= 0.5.4)
      xpath (~> 2.0)
    childprocess (0.8.0)
      ffi (~> 1.0, >= 1.0.11)
    coderay (1.1.2)
    coffee-rails (4.0.1)
      coffee-script (>= 2.2.0)
      railties (>= 4.0.0, < 5.0)
    coffee-script (2.4.1)
      coffee-script-source
      execjs
    coffee-script-source (1.12.2)
    concurrent-ruby (1.0.5)
    cucumber (3.0.1)
      builder (>= 2.1.2)
      cucumber-core (~> 3.0.0)
      cucumber-expressions (~> 4.0.3)
      cucumber-wire (~> 0.0.1)
      diff-lcs (~> 1.3)
      gherkin (~> 4.0)
      multi_json (>= 1.7.5, < 2.0)
      multi_test (>= 0.1.2)
    cucumber-core (3.0.0)
      backports (>= 3.8.0)
      cucumber-tag_expressions (>= 1.0.1)
      gherkin (>= 4.1.3)
    cucumber-expressions (4.0.4)
    cucumber-rails (1.4.0)
      capybara (>= 1.1.2)
      cucumber (>= 1.2.0)
      nokogiri (>= 1.5.0)
      rails (>= 3.0.0)
    cucumber-tag_expressions (1.0.1)
    cucumber-wire (0.0.1)
    diff-lcs (1.3)
    erubis (2.7.0)
    execjs (2.7.0)
    factory_girl (4.2.0)
      activesupport (>= 3.0.0)
    factory_girl_rails (4.2.0)
      factory_girl (~> 4.2.0)
      railties (>= 3.0.0)
    faker (1.1.2)
      i18n (~> 0.5)
    ffi (1.9.18)
    ffi (1.9.18-x86-mingw32)
    gherkin (4.1.3)
    hike (1.2.3)
    i18n (0.9.0)
      concurrent-ruby (~> 1.0)
    jbuilder (1.0.2)
      activesupport (>= 3.0.0)
    jquery-rails (3.0.4)
      railties (>= 3.0, < 5.0)
      thor (>= 0.14, < 2.0)
    json (1.8.6)
    mail (2.5.5)
      mime-types (~> 1.16)
      treetop (~> 1.4.8)
    method_source (0.9.0)
    mime-types (1.25.1)
    mini_portile2 (2.3.0)
    minitest (4.7.5)
    multi_json (1.12.2)
    multi_test (0.1.2)
    mysql2 (0.3.21)
    mysql2 (0.3.21-x86-mingw32)
    nokogiri (1.8.1)
      mini_portile2 (~> 2.3.0)
    nokogiri (1.8.1-x86-mingw32)
      mini_portile2 (~> 2.3.0)
    pg (0.15.1)
    pg (0.15.1-x86-mingw32)
    polyglot (0.3.5)
    pry (0.11.2)
      coderay (~> 1.1.0)
      method_source (~> 0.9.0)
    rack (1.5.5)
    rack-test (0.6.3)
      rack (>= 1.0)
    rails (4.0.8)
      actionmailer (= 4.0.8)
      actionpack (= 4.0.8)
      activerecord (= 4.0.8)
      activesupport (= 4.0.8)
      bundler (>= 1.3.0, < 2.0)
      railties (= 4.0.8)
      sprockets-rails (~> 2.0)
    rails_12factor (0.0.2)
      rails_serve_static_assets
      rails_stdout_logging
    rails_serve_static_assets (0.0.5)
    rails_stdout_logging (0.0.5)
    railties (4.0.8)
      actionpack (= 4.0.8)
      activesupport (= 4.0.8)
      rake (>= 0.8.7)
      thor (>= 0.18.1, < 2.0)
    rake (12.1.0)
    rb-notifu (0.0.4)
    rdoc (3.12.2)
      json (~> 1.4)
    rspec-core (3.7.0)
      rspec-support (~> 3.7.0)
    rspec-expectations (3.7.0)
      diff-lcs (>= 1.2.0, < 2.0)
      rspec-support (~> 3.7.0)
    rspec-mocks (3.7.0)
      diff-lcs (>= 1.2.0, < 2.0)
      rspec-support (~> 3.7.0)
    rspec-rails (3.7.1)
      actionpack (>= 3.0)
      activesupport (>= 3.0)
      railties (>= 3.0)
      rspec-core (~> 3.7.0)
      rspec-expectations (~> 3.7.0)
      rspec-mocks (~> 3.7.0)
      rspec-support (~> 3.7.0)
    rspec-support (3.7.0)
    rubyzip (0.9.9)
    sass (3.2.19)
    sass-rails (4.0.3)
      railties (>= 4.0.0, < 5.0)
      sass (~> 3.2.0)
      sprockets (~> 2.8, <= 2.11.0)
      sprockets-rails (~> 2.0)
    sdoc (0.3.20)
      json (>= 1.1.3)
      rdoc (~> 3.10)
    selenium-webdriver (2.35.1)
      childprocess (>= 0.2.5)
      multi_json (~> 1.0)
      rubyzip (< 1.0.0)
      websocket (~> 1.0.4)
    sprockets (2.11.0)
      hike (~> 1.2)
      multi_json (~> 1.0)
      rack (~> 1.0)
      tilt (~> 1.1, != 1.3.0)
    sprockets-rails (2.3.3)
      actionpack (>= 3.0)
      activesupport (>= 3.0)
      sprockets (>= 2.8, < 4.0)
    thor (0.20.0)
    thread_safe (0.3.6)
    tilt (1.4.1)
    treetop (1.4.15)
      polyglot
      polyglot (>= 0.3.1)
    turbolinks (1.1.1)
      coffee-rails
    tzinfo (0.3.53)
    uglifier (2.1.1)
      execjs (>= 0.3.0)
      multi_json (~> 1.0, >= 1.0.2)
    wdm (0.1.0)
    websocket (1.0.7)
    will_paginate (3.1.6)
    xpath (2.1.0)
      nokogiri (~> 1.3)

PLATFORMS
  ruby
  x86-mingw32

DEPENDENCIES
  activerecord-session_store
  bcrypt-ruby (= 3.1.2)
  bootstrap-sass
  bootstrap-will_paginate
  byebug (~> 9.0, >= 9.0.5)
  capybara (= 2.1.0)
  coffee-rails (= 4.0.1)
  cucumber-rails (= 1.4.0)
  database_cleaner!
  factory_girl_rails (= 4.2.0)
  faker (= 1.1.2)
  jbuilder (= 1.0.2)
  jquery-rails (= 3.0.4)
  mysql2 (~> 0.3.18)
  pg (= 0.15.1)
  pry
  rails (= 4.0.8)
  rails_12factor (= 0.0.2)
  rb-notifu (= 0.0.4)
  rspec-rails
  sass-rails (= 4.0.3)
  sdoc (= 0.3.20)
  selenium-webdriver (= 2.35.1)
  sprockets (= 2.11.0)
  turbolinks (= 1.1.1)
  uglifier (= 2.1.1)
  wdm (= 0.1.0)
  will_paginate

RUBY VERSION
   ruby 2.3.1p112

BUNDLED WITH
   1.16.0.pre.2
